PATH
  remote: ../infopark_reactor
  specs:
    infopark_reactor (1.22.2)
      nokogiri
      rails (>= 3.0.10, < 4.3.0)
      term-ansicolor

GEM
  remote: https://rubygems.org/
  specs:
    actionmailer (3.2.22)
      actionpack (= 3.2.22)
      mail (~> 2.5.4)
    actionpack (3.2.22)
      activemodel (= 3.2.22)
      activesupport (= 3.2.22)
      builder (~> 3.0.0)
      erubis (~> 2.7.0)
      journey (~> 1.0.4)
      rack (~> 1.4.5)
      rack-cache (~> 1.2)
      rack-test (~> 0.6.1)
      sprockets (~> 2.2.1)
    activemodel (3.2.22)
      activesupport (= 3.2.22)
      builder (~> 3.0.0)
    activerecord (3.2.22)
      activemodel (= 3.2.22)
      activesupport (= 3.2.22)
      arel (~> 3.0.2)
      tzinfo (~> 0.3.29)
    activeresource (3.2.22)
      activemodel (= 3.2.22)
      activesupport (= 3.2.22)
    activesupport (3.2.22)
      i18n (~> 0.6, >= 0.6.4)
      multi_json (~> 1.0)
    arel (3.0.3)
    backports (3.6.8)
    builder (3.0.4)
    diff-lcs (1.2.5)
    erubis (2.7.0)
    helpful_configuration (0.1.0)
    hike (1.2.3)
    i18n (0.7.0)
    infopark_crm_connector (1.0.1)
      activeresource (>= 3)
      backports (>= 2.3)
    infopark_fiona_connector (6.9.1.3.22208381)
      mime-types (~> 1.16)
      mysql_blob_streaming (~> 2.0.0)
      rsolr (~> 1.0.0)
    infopark_rails_connector (6.9.1.3.22208381)
      helpful_configuration (~> 0.1.0)
      infopark_crm_connector (~> 1.0.0)
      jquery-rails (~> 2.2.1)
      json (>= 1.7.7)
      liquid (~> 2.4.0)
      maruku (~> 0.6.0)
      rails (~> 3.2.13)
      rake (>= 0.9.2.2)
      ruby-recaptcha (~> 1.0.5)
      will_paginate (~> 3.0.2)
    journey (1.0.4)
    jquery-rails (2.2.2)
      railties (>= 3.0, < 5.0)
      thor (>= 0.14, < 2.0)
    json (1.8.3)
    liquid (2.4.1)
    mail (2.5.4)
      mime-types (~> 1.16)
      treetop (~> 1.4.8)
    maruku (0.6.1)
      syntax (>= 1.0.0)
    mime-types (1.25.1)
    multi_json (1.12.1)
    mysql2 (0.3.12b6)
    mysql_blob_streaming (2.0.2)
      mysql2 (= 0.3.12b6)
    nokogiri (1.5.11)
    polyglot (0.3.5)
    rack (1.4.7)
    rack-cache (1.6.1)
      rack (>= 0.4)
    rack-ssl (1.3.4)
      rack
    rack-test (0.6.3)
      rack (>= 1.0)
    rails (3.2.22)
      actionmailer (= 3.2.22)
      actionpack (= 3.2.22)
      activerecord (= 3.2.22)
      activeresource (= 3.2.22)
      activesupport (= 3.2.22)
      bundler (~> 1.0)
      railties (= 3.2.22)
    railties (3.2.22)
      actionpack (= 3.2.22)
      activesupport (= 3.2.22)
      rack-ssl (~> 1.3.2)
      rake (>= 0.8.7)
      rdoc (~> 3.4)
      thor (>= 0.14.6, < 2.0)
    rake (11.1.2)
    rdoc (3.12.2)
      json (~> 1.4)
    rsolr (1.0.13)
      builder (>= 2.1.2)
    rspec-collection_matchers (1.1.2)
      rspec-expectations (>= 2.99.0.beta1)
    rspec-core (2.99.2)
    rspec-expectations (2.99.2)
      diff-lcs (>= 1.1.3, < 2.0)
    rspec-mocks (2.99.4)
    rspec-rails (2.99.0)
      actionpack (>= 3.0)
      activemodel (>= 3.0)
      activesupport (>= 3.0)
      railties (>= 3.0)
      rspec-collection_matchers
      rspec-core (~> 2.99.0)
      rspec-expectations (~> 2.99.0)
      rspec-mocks (~> 2.99.0)
    ruby-recaptcha (1.0.5)
    sprockets (2.2.3)
      hike (~> 1.2)
      multi_json (~> 1.0)
      rack (~> 1.0)
      tilt (~> 1.1, != 1.3.0)
    syntax (1.2.0)
    term-ansicolor (1.3.2)
      tins (~> 1.0)
    thor (0.19.1)
    tilt (1.4.1)
    tins (1.2.0)
    treetop (1.4.15)
      polyglot
      polyglot (>= 0.3.1)
    tzinfo (0.3.49)
    will_paginate (3.0.7)

PLATFORMS
  ruby

DEPENDENCIES
  infopark_fiona_connector (= 6.9.1.3.22208381)
  infopark_rails_connector (= 6.9.1.3.22208381)
  infopark_reactor!
  mysql2
  nokogiri (< 1.6.0)
  rails (= 3.2.22)
  rspec-rails (~> 2.0)
  tins (< 1.3)
