PATH
  remote: ../infopark_reactor
  specs:
    infopark_reactor (1.9.0.beta2)
      infopark_rails_connector_meta (>= 1.7.2)
      infopark_reactor_migrations (>= 1.7.2)
      rails (>= 3.0.10, <= 4.1.0)

PATH
  remote: ../infopark_reactor_migrations
  specs:
    infopark_reactor_migrations (1.9.0.beta2)
      nokogiri
      rails (>= 3.0.10, <= 4.1.0)
      term-ansicolor

PATH
  remote: ../infopark_rails_connector_meta
  specs:
    infopark_rails_connector_meta (1.9.0.beta2)
      activerecord (>= 3.0.10, <= 4.1.0)
      activesupport (>= 3.0.10, <= 4.1.0)

GIT
  remote: git@github.com:infopark/fiona_connector.git
  revision: 90b1321f4b89d915a13d625a7cf20ccd8121fd25
  branch: dev
  specs:
    infopark_fiona_connector (7.0.0.beta1)
      helpful_configuration (~> 0.1.0)
      jquery-rails (~> 3.1.0)
      json (>= 1.7.7)
      maruku (~> 0.7.1)
      mime-types (~> 1.16)
      mysql_blob_streaming (~> 2.0.0)
      rails (~> 4.0.3)
      rake (>= 10.1.1)
      rsolr (~> 1.0.9)

GEM
  remote: https://rubygems.org/
  specs:
    actionmailer (4.0.8)
      actionpack (= 4.0.8)
      mail (~> 2.5.4)
    actionpack (4.0.8)
      activesupport (= 4.0.8)
      builder (~> 3.1.0)
      erubis (~> 2.7.0)
      rack (~> 1.5.2)
      rack-test (~> 0.6.2)
    activemodel (4.0.8)
      activesupport (= 4.0.8)
      builder (~> 3.1.0)
    activerecord (4.0.8)
      activemodel (= 4.0.8)
      activerecord-deprecated_finders (~> 1.0.2)
      activesupport (= 4.0.8)
      arel (~> 4.0.0)
    activerecord-deprecated_finders (1.0.3)
    activesupport (4.0.8)
      i18n (~> 0.6, >= 0.6.9)
      minitest (~> 4.2)
      multi_json (~> 1.3)
      thread_safe (~> 0.1)
      tzinfo (~> 0.3.37)
    arel (4.0.2)
    builder (3.1.4)
    diff-lcs (1.2.5)
    erubis (2.7.0)
    helpful_configuration (0.1.0)
    hike (1.2.3)
    i18n (0.6.11)
    jquery-rails (3.1.1)
      railties (>= 3.0, < 5.0)
      thor (>= 0.14, < 2.0)
    json (1.8.1)
    mail (2.5.4)
      mime-types (~> 1.16)
      treetop (~> 1.4.8)
    maruku (0.7.2)
    mime-types (1.25.1)
    minitest (4.7.5)
    multi_json (1.10.1)
    mysql2 (0.3.12b6)
    mysql_blob_streaming (2.0.2)
      mysql2 (= 0.3.12b6)
    nokogiri (1.5.11)
    polyglot (0.3.5)
    rack (1.5.2)
    rack-test (0.6.2)
      rack (>= 1.0)
    rails (4.0.8)
      actionmailer (= 4.0.8)
      actionpack (= 4.0.8)
      activerecord (= 4.0.8)
      activesupport (= 4.0.8)
      bundler (>= 1.3.0, < 2.0)
      railties (= 4.0.8)
      sprockets-rails (~> 2.0)
    railties (4.0.8)
      actionpack (= 4.0.8)
      activesupport (= 4.0.8)
      rake (>= 0.8.7)
      thor (>= 0.18.1, < 2.0)
    rake (10.3.2)
    rsolr (1.0.10)
      builder (>= 2.1.2)
    rspec-collection_matchers (1.0.0)
      rspec-expectations (>= 2.99.0.beta1)
    rspec-core (2.99.1)
    rspec-expectations (2.99.2)
      diff-lcs (>= 1.1.3, < 2.0)
    rspec-mocks (2.99.2)
    rspec-rails (2.99.0)
      actionpack (>= 3.0)
      activemodel (>= 3.0)
      activesupport (>= 3.0)
      railties (>= 3.0)
      rspec-collection_matchers
      rspec-core (~> 2.99.0)
      rspec-expectations (~> 2.99.0)
      rspec-mocks (~> 2.99.0)
    sprockets (2.12.1)
      hike (~> 1.2)
      multi_json (~> 1.0)
      rack (~> 1.0)
      tilt (~> 1.1, != 1.3.0)
    sprockets-rails (2.1.3)
      actionpack (>= 3.0)
      activesupport (>= 3.0)
      sprockets (~> 2.8)
    term-ansicolor (1.3.0)
      tins (~> 1.0)
    thor (0.19.1)
    thread_safe (0.3.4)
    tilt (1.4.1)
    tins (1.3.1)
    treetop (1.4.15)
      polyglot
      polyglot (>= 0.3.1)
    tzinfo (0.3.41)

PLATFORMS
  ruby

DEPENDENCIES
  infopark_fiona_connector!
  infopark_rails_connector_meta!
  infopark_reactor!
  infopark_reactor_migrations!
  mysql2
  nokogiri (< 1.6.0)
  rails (= 4.0.8)
  rspec-rails (~> 2.0)
